GEM
  remote: http://rubygems.org/
  specs:
    activesupport (2.3.15)
    builder (3.1.4)
    capybara (2.0.2)
      mime-types (>= 1.16)
      nokogiri (>= 1.3.3)
      rack (>= 1.0.0)
      rack-test (>= 0.5.4)
      selenium-webdriver (~> 2.0)
      xpath (~> 1.0.0)
    childprocess (0.3.7)
      ffi (~> 1.0, >= 1.0.6)
    curb (0.8.3)
    feedzirra (0.0.24)
      activesupport (>= 2.3.8)
      builder (>= 2.1.2)
      curb (>= 0.2.3)
      loofah (>= 0.3.1)
      nokogiri (> 0.0.0)
      sax-machine (>= 0.0.12)
    ffi (1.3.1)
    i18n (0.6.1)
    json (1.7.6)
    log4r (1.1.10)
    loofah (1.2.1)
      nokogiri (>= 1.4.4)
    mime-types (1.19)
    multi_json (1.5.0)
    mustache (0.99.4)
    mysql (2.9.1)
    nokogiri (1.4.7)
    rack (1.5.0)
    rack-protection (1.3.2)
      rack
    rack-test (0.6.2)
      rack (>= 1.0)
    rake (10.0.3)
    redis (3.0.2)
    rubyzip (0.9.9)
    sax-machine (0.1.0)
      nokogiri (> 0.0.0)
    selenium-webdriver (2.29.0)
      childprocess (>= 0.2.5)
      multi_json (~> 1.0)
      rubyzip
      websocket (~> 1.0.4)
    sinatra (1.3.3)
      rack (~> 1.3, >= 1.3.6)
      rack-protection (~> 1.2)
      tilt (~> 1.3, >= 1.3.3)
    statsd-ruby (1.2.0)
    tilt (1.3.3)
    websocket (1.0.6)
    xpath (1.0.0)
      nokogiri (~> 1.3)

PLATFORMS
  ruby

DEPENDENCIES
  capybara
  feedzirra
  i18n (~> 0.6)
  json
  log4r
  mustache
  mysql
  nokogiri (~> 1.4.7)
  rack
  rake
  redis
  sinatra
  statsd-ruby
